GEM
  remote: http://rubygems.org/
  specs:
    minitest (5.8.3)
    minitest-rg (5.2.0)
      minitest (~> 5.0)
    rake (10.4.2)

PLATFORMS
  ruby

DEPENDENCIES
  minitest-rg
  rake

BUNDLED WITH
   1.10.6
